GEM
  remote: https://rubygems.org/
  specs:
    genetic_algorithms (0.0.5)
      logging (~> 1.8)
    little-plugger (1.1.3)
    logging (1.8.2)
      little-plugger (>= 1.1.3)
      multi_json (>= 1.8.4)
    multi_json (1.8.4)

PLATFORMS
  ruby

DEPENDENCIES
  genetic_algorithms (~> 0.0)
