PATH
  remote: ../genetic_algorithms
  specs:
    genetic_algorithms (0.0.2)
      logging (~> 1.8.0)

GEM
  remote: http://rubygems.org/
  specs:
    little-plugger (1.1.3)
    logging (1.8.0)
      little-plugger (>= 1.1.3)
      multi_json (>= 1.3.6)
    multi_json (1.3.7)

PLATFORMS
  ruby

DEPENDENCIES
  genetic_algorithms!
